GEM
  remote: http://rubygems.org/
  specs:
    addressable (2.2.8)
    coderay (1.0.6)
    crack (0.3.1)
    diff-lcs (1.1.3)
    domain_name (0.5.3)
      unf (~> 0.0.3)
    faker (1.0.1)
      i18n (~> 0.4)
    faraday (0.7.6)
      addressable (~> 2.2)
      multipart-post (~> 1.1)
      rack (~> 1.1)
    ffi (1.0.11)
    highline (1.6.12)
    i18n (0.6.0)
    koala (1.4.1)
      faraday (~> 0.7.0)
      multi_json (~> 1.3.0)
    mechanize (2.5.1)
      domain_name (~> 0.5, >= 0.5.1)
      mime-types (~> 1.17, >= 1.17.2)
      net-http-digest_auth (~> 1.1, >= 1.1.1)
      net-http-persistent (~> 2.5, >= 2.5.2)
      nokogiri (~> 1.4)
      ntlm-http (~> 0.1, >= 0.1.1)
      webrobots (~> 0.0, >= 0.0.9)
    method_source (0.7.1)
    mime-types (1.18)
    multi_json (1.3.4)
    multipart-post (1.1.5)
    net-http-digest_auth (1.2.1)
    net-http-persistent (2.6)
    nokogiri (1.5.3)
    ntlm-http (0.1.1)
    pry (0.9.9.6)
      coderay (~> 1.0.5)
      method_source (~> 0.7.1)
      slop (>= 2.4.4, < 3)
    rack (1.4.1)
    rake (0.9.2.2)
    rspec (2.10.0)
      rspec-core (~> 2.10.0)
      rspec-expectations (~> 2.10.0)
      rspec-mocks (~> 2.10.0)
    rspec-core (2.10.0)
    rspec-expectations (2.10.0)
      diff-lcs (~> 1.1.3)
    rspec-mocks (2.10.1)
    scrapi (2.0.0)
      tidy_ffi (>= 0.1.2)
    slop (2.4.4)
    tidy_ffi (0.1.4)
      ffi (>= 0.3.5)
    unf (0.0.5)
      unf_ext
    unf_ext (0.0.5)
    webmock (1.8.6)
      addressable (>= 2.2.7)
      crack (>= 0.1.7)
    webrobots (0.0.13)

PLATFORMS
  ruby

DEPENDENCIES
  faker
  faraday
  highline
  koala
  mechanize
  pry
  rake
  rspec
  scrapi
  webmock
